PATH
  remote: .
  specs:
    redcloth-parslet (0.0.1)
      parslet (~> 1.2)

GEM
  remote: http://rubygems.org/
  specs:
    autotest-fsevent (0.2.5)
      sys-uname
    autotest-growl (0.2.9)
    autotest-standalone (4.5.5)
    blankslate (2.1.2.4)
    columnize (0.3.2)
    diff-lcs (1.1.2)
    linecache (0.43)
    parslet (1.2.0)
      blankslate (~> 2.0)
    rake (0.8.7)
    rspec (2.5.0)
      rspec-core (~> 2.5.0)
      rspec-expectations (~> 2.5.0)
      rspec-mocks (~> 2.5.0)
    rspec-core (2.5.1)
    rspec-expectations (2.5.0)
      diff-lcs (~> 1.1.2)
    rspec-mocks (2.5.0)
    ruby-debug (0.10.4)
      columnize (>= 0.1)
      ruby-debug-base (~> 0.10.4.0)
    ruby-debug-base (0.10.4)
      linecache (>= 0.3)
    sys-uname (0.8.5)

PLATFORMS
  ruby

DEPENDENCIES
  autotest-fsevent
  autotest-growl
  autotest-standalone
  rake
  redcloth-parslet!
  rspec (~> 2.0)
  ruby-debug
