PATH
  remote: .
  specs:
    redcloth-parslet (0.0.1)
      parslet (~> 1.2)

GEM
  remote: http://rubygems.org/
  specs:
    RedCloth (4.2.9)
    archive-tar-minitar (0.5.2)
    autotest-fsevent (0.2.7)
      sys-uname
    autotest-growl (0.2.16)
    autotest-standalone (4.5.8)
    blankslate (2.1.2.4)
    columnize (0.3.5)
    diff-lcs (1.1.3)
    fuubar (1.0.0)
      rspec (~> 2.0)
      rspec-instafail (~> 0.2.0)
      ruby-progressbar (~> 0.0.10)
    linecache (0.46)
      rbx-require-relative (> 0.0.4)
    linecache19 (0.5.12)
      ruby_core_source (>= 0.1.4)
    parslet (1.4.0)
      blankslate (~> 2.0)
    rake (0.9.2.2)
    rbx-require-relative (0.0.5)
    rspec (2.10.0)
      rspec-core (~> 2.10.0)
      rspec-expectations (~> 2.10.0)
      rspec-mocks (~> 2.10.0)
    rspec-core (2.10.1)
    rspec-expectations (2.10.0)
      diff-lcs (~> 1.1.3)
    rspec-instafail (0.2.4)
    rspec-mocks (2.10.1)
    ruby-debug (0.10.4)
      columnize (>= 0.1)
      ruby-debug-base (~> 0.10.4.0)
    ruby-debug-base (0.10.4)
      linecache (>= 0.3)
    ruby-debug-base19 (0.11.25)
      columnize (>= 0.3.1)
      linecache19 (>= 0.5.11)
      ruby_core_source (>= 0.1.4)
    ruby-debug19 (0.11.6)
      columnize (>= 0.3.1)
      linecache19 (>= 0.5.11)
      ruby-debug-base19 (>= 0.11.19)
    ruby-progressbar (0.0.10)
    ruby_core_source (0.1.5)
      archive-tar-minitar (>= 0.5.2)
    sys-uname (0.8.6)
    yard (0.8.2.1)

PLATFORMS
  ruby

DEPENDENCIES
  RedCloth
  autotest-fsevent
  autotest-growl
  autotest-standalone
  fuubar
  rake
  redcloth-parslet!
  rspec (~> 2.0)
  ruby-debug
  ruby-debug19
  yard
